PATH
  remote: .
  specs:
    rb-halo (0.1.0)

GEM
  remote: https://rubygems.org/
  specs:
    rake (13.0.1)

PLATFORMS
  ruby

DEPENDENCIES
  bundler (~> 2.0)
  rake (~> 13.0)
  rb-halo!

BUNDLED WITH
   2.1.2
